GEM
  remote: http://rubygems.org/
  specs:
    activemodel (3.0.9)
      activesupport (= 3.0.9)
      builder (~> 2.1.2)
      i18n (~> 0.5.0)
    activerecord (3.0.9)
      activemodel (= 3.0.9)
      activesupport (= 3.0.9)
      arel (~> 2.0.10)
      tzinfo (~> 0.3.23)
    activesupport (3.0.9)
    arel (2.0.10)
    arrayfields (4.7.4)
    builder (2.1.2)
    daemons (1.0.10)
    fattr (2.2.0)
    gem_plugin (0.2.3)
    i18n (0.5.0)
    jruby-jars (1.6.3)
    main (4.2.0)
      arrayfields (>= 4.7.4)
      fattr (>= 2.1.0)
    mongrel (1.2.0.pre2)
      daemons (~> 1.0.10)
      gem_plugin (~> 0.2.3)
    nokogiri (1.5.0)
    rack (1.3.0)
    ruboto-core (0.1.0)
      jruby-jars (> 1.5.0)
      main (= 4.2.0)
    sinatra (1.2.6)
      rack (~> 1.1)
      tilt (>= 1.2.2, < 2.0)
    sqlite3 (1.3.3)
    tilt (1.3.2)
    tzinfo (0.3.29)

PLATFORMS
  ruby

DEPENDENCIES
  activerecord
  mongrel (= 1.2.0.pre2)
  nokogiri
  ruboto-core
  sinatra
  sqlite3
